GEM
  remote: http://rubygems.org/
  specs:
    activesupport (3.0.3)
    addressable (2.2.4)
    builder (3.0.0)
    crack (0.1.8)
    data_objects (0.10.3)
      addressable (~> 2.1)
    dm-core (1.0.2)
      addressable (~> 2.2)
      extlib (~> 0.9.15)
    dm-do-adapter (1.0.2)
      data_objects (~> 0.10.2)
      dm-core (~> 1.0.2)
    dm-migrations (1.0.2)
      dm-core (~> 1.0.2)
    dm-sqlite-adapter (1.0.2)
      dm-do-adapter (~> 1.0.2)
      do_sqlite3 (~> 0.10.2)
    do_sqlite3 (0.10.3)
      data_objects (= 0.10.3)
    extlib (0.9.15)
    httparty (0.7.3)
      crack (= 0.1.8)
    i18n (0.5.0)
    ruby-duration (0.5.4)
      i18n
    ruby-freshbooks (0.4.0)
      builder (>= 2.1.2)
      httparty (>= 0.5.0)
    slimtimer4r (0.2.4)

PLATFORMS
  ruby

DEPENDENCIES
  activesupport
  dm-core
  dm-migrations
  dm-sqlite-adapter
  ruby-duration
  ruby-freshbooks
  slimtimer4r
